PATH
  remote: .
  specs:
    style-guide-theme (0.1.2)

GEM
  remote: https://rubygems.org/
  specs:
    rake (12.3.3)

PLATFORMS
  ruby

DEPENDENCIES
  bundler (~> 1.12)
  rake (~> 12.3)
  style-guide-theme!

BUNDLED WITH
   1.16.0
