PATH
  remote: .
  specs:
    style-guide-theme (0.1.2)

GEM
  remote: https://rubygems.org/
  specs:
    rake (10.5.0)

PLATFORMS
  ruby

DEPENDENCIES
  bundler (~> 1.12)
  style-guide-theme!
  rake (~> 10.0)

BUNDLED WITH
   1.16.0
